GEM
  remote: https://rubygems.org/
  specs:
    yard (0.9.20)

PLATFORMS
  ruby

DEPENDENCIES
  yard

BUNDLED WITH
   1.17.2
